PATH
  remote: .
  specs:
    linkedin_rest_api (0.1.0)
      httparty (~> 0.21)

GEM
  remote: https://rubygems.org/
  specs:
    httparty (0.21.0)
      mini_mime (>= 1.0.0)
      multi_xml (>= 0.5.2)
    mini_mime (1.1.5)
    minitest (5.20.0)
    minitest-color (0.0.2)
      minitest (~> 5)
    multi_xml (0.6.0)
    rake (13.1.0)

PLATFORMS
  x86_64-linux

DEPENDENCIES
  linkedin_rest_api!
  minitest (~> 5.0)
  minitest-color
  rake (~> 13.0)

BUNDLED WITH
   2.3.26
