PATH
  remote: .
  specs:
    linkedin_rest_api (0.1.0)

GEM
  remote: https://rubygems.org/
  specs:
    minitest (5.20.0)
    rake (13.1.0)

PLATFORMS
  x86_64-linux

DEPENDENCIES
  linkedin_rest_api!
  minitest (~> 5.0)
  rake (~> 13.0)

BUNDLED WITH
   2.3.26
